GEM
  remote: http://rubygems.org/
  specs:
    crack (0.1.8)
    hashie (1.1.0)
    httmultiparty (0.3.6)
      httparty (>= 0.7.3)
      multipart-post
    httparty (0.7.8)
      crack (= 0.1.8)
    multipart-post (1.1.3)
    rack (1.3.4)
    rack-protection (1.1.2)
      rack
    sinatra (1.3.0)
      rack (~> 1.3)
      rack-protection (~> 1.1)
      tilt (~> 1.3)
    soundcloud (0.2.7)
      hashie
      httmultiparty (~> 0.3.0)
      httparty (~> 0.7.3)
    tilt (1.3.3)

PLATFORMS
  x86-mingw32

DEPENDENCIES
  sinatra (= 1.3.0)
  soundcloud (= 0.2.7)
